GIT
  remote: git://github.com/opal/opal-jquery.git
  revision: 1814202085f168176231b877b2b7a967b75b0726
  specs:
    opal-jquery (0.1.2)
      opal (>= 0.5.0, < 1.0.0)

GIT
  remote: git://github.com/opal/opal.git
  revision: cbca29d6cb9b11bc788113f6663512f3b00c1805
  specs:
    opal (0.6.0)
      source_map
      sprockets

GEM
  remote: https://rubygems.org/
  specs:
    hike (1.2.3)
    json (1.8.1)
    multi_json (1.8.4)
    opal-browser (0.1.0.beta1)
      opal (>= 0.5.5)
      paggio
    paggio (0.2.4)
    rack (1.5.2)
    rake (10.1.1)
    source_map (3.0.1)
      json
    sprockets (2.10.1)
      hike (~> 1.2)
      multi_json (~> 1.0)
      rack (~> 1.0)
      tilt (~> 1.1, != 1.3.0)
    tilt (1.4.1)

PLATFORMS
  ruby

DEPENDENCIES
  opal!
  opal-browser
  opal-jquery!
  rake
